GIT
  remote: git@github.com:Lax/BubbleWrap.git
  revision: d390049d3e4b71ef97eccd3d4e2cdf40fad74493
  branch: feature/bw_http_setAllowsCellularAccess
  specs:
    bubble-wrap (1.5.0)

GEM
  remote: https://rubygems.org/
  specs:
    rake (10.1.1)

PLATFORMS
  ruby

DEPENDENCIES
  bubble-wrap!
  rake
