GEM
  remote: https://rubygems.org/
  specs:
    bubble-wrap (1.9.3)
    bubble-wrap-http (1.7.1)
    rake (10.4.2)

PLATFORMS
  ruby

DEPENDENCIES
  bubble-wrap
  bubble-wrap-http
  rake

BUNDLED WITH
   1.10.6
